GEM
  remote: http://rubygems.org/
  specs:
    macgap (0.0.8)
    semver2 (3.3.3)

PLATFORMS
  ruby

DEPENDENCIES
  macgap
  semver2
